GENERATE-LOAD-SCRIPTS: ON
RESTRICTION: == net472
NUGET
  remote: https://www.nuget.org/api/v2
    FSharp.Control.AsyncSeq (2.0.21)
      FSharp.Core (>= 3.1.2)
    FSharp.Core (4.6.2)
    FSharpx.Async (1.13.2)
      FSharp.Control.AsyncSeq
      FSharp.Core
    FSharpx.Collections (1.17)
      FSharp.Core
    FSharpx.Extras (2.2.1)
      FSharpx.Async
      FSharpx.Collections
  remote: https://www.myget.org/F/zenprotocol/api/v3/index.json
    ZFStar (0.0.27-alpha004)
